GEM
  remote: https://rubygems.org/
  specs:
    faraday (0.10.1)
      multipart-post (>= 1.2, < 3)
    faraday_middleware (0.13.1)
      faraday (>= 0.7.4, < 1.0)
    hatena-bookmark-restful (0.1.1)
      faraday (~> 0.10.1)
      faraday_middleware
      simple_oauth
    multipart-post (2.1.1)
    mustermann (1.1.0)
      ruby2_keywords (~> 0.0.1)
    oauth (0.5.4)
    rack (2.0.8)
    rack-protection (2.0.7)
      rack
    ruby2_keywords (0.0.1)
    simple_oauth (0.3.1)
    sinatra (2.0.7)
      mustermann (~> 1.0)
      rack (~> 2.0)
      rack-protection (= 2.0.7)
      tilt (~> 2.0)
    tilt (2.0.10)

PLATFORMS
  ruby

DEPENDENCIES
  hatena-bookmark-restful
  oauth
  sinatra

BUNDLED WITH
   2.1.2
